GEM
  remote: https://rubygems.org/
  specs:
    CFPropertyList (2.2.8)
    diff-lcs (1.1.3)
    facter (2.4.0)
      CFPropertyList (~> 2.2.6)
    hiera (1.3.4)
      json_pure
    json_pure (1.8.2)
    metaclass (0.0.4)
    mocha (0.10.5)
      metaclass (~> 0.0.1)
    puppet (3.7.4)
      facter (> 1.6, < 3)
      hiera (~> 1.0)
      json_pure
    rake (10.4.2)
    rspec (2.10.0)
      rspec-core (~> 2.10.0)
      rspec-expectations (~> 2.10.0)
      rspec-mocks (~> 2.10.0)
    rspec-core (2.10.1)
    rspec-expectations (2.10.0)
      diff-lcs (~> 1.1.3)
    rspec-mocks (2.10.1)
    rspec-puppet (2.0.0)
      rspec (~> 2.0)

PLATFORMS
  ruby

DEPENDENCIES
  facter (>= 1.6.2)
  mocha (~> 0.10.5)
  puppet
  rake
  rspec (~> 2.10.0)
  rspec-puppet
